PATH
  remote: .
  specs:
    attr_vault (2.1.2)
      pg (>= 0.18)
      sequel (>= 4.13, < 6.0)

GEM
  remote: https://rubygems.org/
  specs:
    bigdecimal (3.1.6)
    diff-lcs (1.5.0)
    pg (1.5.4)
    rspec (3.12.0)
      rspec-core (~> 3.12.0)
      rspec-expectations (~> 3.12.0)
      rspec-mocks (~> 3.12.0)
    rspec-core (3.12.2)
      rspec-support (~> 3.12.0)
    rspec-expectations (3.12.3)
      diff-lcs (>= 1.2.0, < 2.0)
      rspec-support (~> 3.12.0)
    rspec-mocks (3.12.6)
      diff-lcs (>= 1.2.0, < 2.0)
      rspec-support (~> 3.12.0)
    rspec-support (3.12.1)
    sequel (5.76.0)
      bigdecimal

PLATFORMS
  ruby

DEPENDENCIES
  attr_vault!
  rspec (~> 3.0)

RUBY VERSION
   ruby 3.2.0p0

BUNDLED WITH
   2.5.4
